GEM
  remote: https://rubygems.org/
  specs:
    ruby-progressbar (1.7.5)

PLATFORMS
  ruby

DEPENDENCIES
  ruby-progressbar (= 1.7.5)

BUNDLED WITH
   1.10.6
